GIT
  remote: https://github.com/quarter-spiral/oauth2-provider.git
  revision: 72efb6e40295df64dd37630e5c5cc1a48d98c54c
  specs:
    songkick-oauth2-provider (0.10.2.qs1)
      activerecord
      bcrypt-ruby
      json
      rack

GIT
  remote: https://github.com/quarter-spiral/sinatra_warden.git
  revision: 4a5365cf6b9607ea39d4deed741558adaf7d8cc2
  specs:
    sinatra_warden (0.3.2.qs2)
      sinatra (>= 1.0.0)
      warden (~> 1.0)

PATH
  remote: .
  specs:
    playercenter-backend (0.0.37)
      auth-client (>= 0.0.17)
      cache-backend-iron-cache (~> 0.0.4)
      cache-client (~> 0.0.4)
      devcenter-client (>= 0.0.5)
      futuroscope (>= 0.1.3)
      grape (>= 0.2.2)
      grape_newrelic (~> 0.0.3)
      graph-client (>= 0.0.13)
      json (= 1.7.7)
      ping-middleware (~> 0.0.2)
      rack-crossdomain-xml (~> 0.0.1)
      rack-fake-method (~> 0.0.1)

GEM
  remote: https://rubygems.org/
  remote: https://user:We267RFF7BfwVt4LdqFA@privategems.herokuapp.com/
  specs:
    actionpack (3.2.14)
      activemodel (= 3.2.14)
      activesupport (= 3.2.14)
      builder (~> 3.0.0)
      erubis (~> 2.7.0)
      journey (~> 1.0.4)
      rack (~> 1.4.5)
      rack-cache (~> 1.2)
      rack-test (~> 0.6.1)
      sprockets (~> 2.2.1)
    activemodel (3.2.14)
      activesupport (= 3.2.14)
      builder (~> 3.0.0)
    activerecord (3.2.14)
      activemodel (= 3.2.14)
      activesupport (= 3.2.14)
      arel (~> 3.0.2)
      tzinfo (~> 0.3.29)
    activesupport (3.2.14)
      i18n (~> 0.6, >= 0.6.4)
      multi_json (~> 1.0)
    arel (3.0.2)
    attr_required (0.0.5)
    auth-backend (0.0.48)
      activerecord (>= 3.2.13)
      bcrypt-ruby (~> 3.0.0)
      facebook-client (>= 0.0.5)
      firebase_token_generator
      futuroscope (>= 0.1.3)
      graph-client (~> 0.0.12)
      json (~> 1.7.7)
      kaminari
      newrelic_rpm
      omniauth (~> 1.1.1)
      omniauth-facebook (~> 1.4.1)
      padrino-helpers (>= 0.11.2)
      ping-middleware (~> 0.0.2)
      playercenter-client (= 0.0.4)
      rack (~> 1.4.5)
      sinatra
      sinatra-activerecord
      sinatra-flash
      unicorn
      uuid
    auth-client (0.0.17)
      cache-client (~> 0.0.4)
      service-client (>= 0.0.14)
    backports (3.3.3)
    bcrypt-ruby (3.0.1)
    builder (3.0.4)
    cache-backend-iron-cache (0.0.4)
      iron_cache (= 1.4.0)
      json (>= 1.7)
    cache-client (0.0.4)
    commander (4.1.5)
      highline (~> 1.6.11)
    daemons (1.1.9)
    datastore-backend (0.0.20)
      auth-client (>= 0.0.16)
      cache-backend-iron-cache (~> 0.0.4)
      cache-client (~> 0.0.4)
      grape (~> 0.4.0)
      grape_newrelic (~> 0.0.3)
      json (~> 1.7.7)
      mongoid (~> 3.1.2)
      ping-middleware (~> 0.0.2)
      rack-jsonp-middleware (= 0.0.5)
      uuid
    datastore-client (0.0.12)
      commander
      json
      service-client (>= 0.0.14)
    descendants_tracker (0.0.1)
    devcenter-backend (0.0.54)
      auth-client (>= 0.0.15)
      cache-backend-iron-cache (~> 0.0.4)
      cache-client (~> 0.0.4)
      datastore-client (>= 0.0.11)
      grape (~> 0.4.0)
      grape_newrelic (~> 0.0.4)
      graph-client (>= 0.0.12)
      json (~> 1.7.7)
      ping-middleware (~> 0.0.2)
      rack (~> 1.4.5)
      rack-crossdomain-xml (>= 0.0.1)
      rack-fake-method (~> 0.0.1)
      stripe (~> 1.7.11)
      tracking-client (>= 0.0.6)
      uuid
    devcenter-client (0.0.5)
      service-client (>= 0.0.14)
    erubis (2.7.0)
    eventmachine (1.0.3)
    facebook-client (0.0.5)
      fb_graph
    faraday (0.8.1)
      multipart-post (~> 1.1)
    fb_graph (2.7.8)
      httpclient (>= 2.2.0.2)
      multi_json (>= 1.3)
      rack-oauth2 (>= 0.14.4)
      tzinfo
    firebase_token_generator (1.0.1)
    futuroscope (0.1.3)
    grape (0.4.1)
      activesupport
      builder
      hashie (>= 1.2.0)
      multi_json (>= 1.3.2)
      multi_xml (>= 0.5.2)
      rack (>= 1.3.0)
      rack-accept
      rack-mount
      virtus
    grape_newrelic (0.0.4)
      grape (>= 0.2.2)
      newrelic_rpm (>= 3.5.4.33)
    graph-backend (0.0.29)
      auth-client (>= 0.0.16)
      cache-backend-iron-cache (~> 0.0.4)
      cache-client (~> 0.0.4)
      grape (~> 0.4.0)
      grape_newrelic (~> 0.0.4)
      json (~> 1.7.7)
      neography (= 1.0.9)
      ping-middleware (~> 0.0.2)
    graph-client (0.0.13)
      commander
      service-client (>= 0.0.14)
    hashie (2.0.5)
    highline (1.6.19)
    hike (1.2.3)
    hiredis (0.4.5)
    http_router (0.11.0)
      rack (>= 1.0.0)
      url_mount (~> 0.2.1)
    httpauth (0.2.0)
    httpclient (2.3.4.1)
    i18n (0.6.4)
    iron_cache (1.4.0)
      iron_core (>= 0.5.1)
    iron_core (1.0.1)
      rest (>= 2.2.0)
    journey (1.0.4)
    json (1.7.7)
    jwt (0.1.8)
      multi_json (>= 1.5)
    kaminari (0.14.1)
      actionpack (>= 3.0.0)
      activesupport (>= 3.0.0)
    kgio (2.8.0)
    macaddr (1.6.1)
      systemu (~> 2.5.0)
    mime-types (1.23)
    mini_portile (0.5.1)
    minuteman (1.0.2)
      redis (~> 3.0.2)
    mongoid (3.1.3)
      activemodel (~> 3.2)
      moped (~> 1.4.2)
      origin (~> 1.0)
      tzinfo (~> 0.3.22)
    moped (1.4.5)
    multi_json (1.7.9)
    multi_xml (0.5.5)
    multipart-post (1.2.0)
    neography (1.0.9)
      httpclient (>= 2.3.3)
      json (>= 1.6.0)
      multi_json (>= 1.3.2)
      os (>= 0.9.6)
      rake (>= 0.8.7)
      rubyzip (>= 0.9.7)
    net-http-persistent (2.9)
    newrelic_rpm (3.6.6.147)
    nokogiri (1.6.0)
      mini_portile (~> 0.5.0)
    oauth2 (0.8.1)
      faraday (~> 0.8)
      httpauth (~> 0.1)
      jwt (~> 0.1.4)
      multi_json (~> 1.0)
      rack (~> 1.2)
    omniauth (1.1.4)
      hashie (>= 1.2, < 3)
      rack
    omniauth-facebook (1.4.1)
      omniauth-oauth2 (~> 1.1.0)
    omniauth-oauth2 (1.1.1)
      oauth2 (~> 0.8.0)
      omniauth (~> 1.0)
    origin (1.1.0)
    os (0.9.6)
    padrino-core (0.11.3)
      activesupport (>= 3.1, < 4.0)
      http_router (~> 0.11.0)
      rack-protection (>= 1.5.0)
      sinatra (~> 1.4.2)
      thor (~> 0.17.0)
      tilt (~> 1.3.7)
    padrino-helpers (0.11.3)
      i18n (~> 0.6)
      padrino-core (= 0.11.3)
    ping-middleware (0.0.2)
    playercenter-client (0.0.4)
      service-client (>= 0.0.12)
    rack (1.4.5)
    rack-accept (0.4.5)
      rack (>= 0.4)
    rack-cache (1.2)
      rack (>= 0.4)
    rack-client (0.4.0)
      rack (>= 1.0.0)
    rack-crossdomain-xml (0.0.1)
    rack-fake-method (0.0.1)
    rack-jsonp-middleware (0.0.5)
      rack
    rack-mount (0.8.3)
      rack (>= 1.0.0)
    rack-oauth2 (1.0.5)
      activesupport (>= 2.3)
      attr_required (>= 0.0.5)
      httpclient (>= 2.2.0.2)
      multi_json (>= 1.3.6)
      rack (>= 1.1)
    rack-protection (1.5.0)
      rack
    rack-test (0.6.2)
      rack (>= 1.0)
    raindrops (0.11.0)
    rake (10.1.0)
    redis (3.0.4)
    rest (2.6.3)
      net-http-persistent
      rest-client (>= 0.3.0)
    rest-client (1.6.7)
      mime-types (>= 1.16)
    rubyzip (0.9.9)
    service-client (0.0.14)
      faraday (= 0.8.1)
      json
    sinatra (1.4.3)
      rack (~> 1.4)
      rack-protection (~> 1.4)
      tilt (~> 1.3, >= 1.3.4)
    sinatra-activerecord (1.2.3)
      activerecord (>= 3.0)
      sinatra (~> 1.0)
    sinatra-flash (0.3.0)
      sinatra (>= 1.0.0)
    sprockets (2.2.2)
      hike (~> 1.2)
      multi_json (~> 1.0)
      rack (~> 1.0)
      tilt (~> 1.1, != 1.3.0)
    sqlite3 (1.3.7)
    stripe (1.7.11)
      multi_json (>= 1.0.4, < 2)
      rest-client (~> 1.4)
    systemu (2.5.2)
    thin (1.5.1)
      daemons (>= 1.0.9)
      eventmachine (>= 0.12.6)
      rack (>= 1.0.0)
    thor (0.17.0)
    tilt (1.3.7)
    tracking-client (0.0.6)
      hiredis (~> 0.4.5)
      minuteman (~> 1.0.2)
      uuid (~> 2.3.7)
      uuidtools (~> 2.1.3)
    tzinfo (0.3.37)
    unicorn (4.6.3)
      kgio (~> 2.6)
      rack
      raindrops (~> 0.7)
    url_mount (0.2.1)
      rack
    uuid (2.3.7)
      macaddr (~> 1.0)
    uuidtools (2.1.4)
    virtus (0.5.5)
      backports (~> 3.3)
      descendants_tracker (~> 0.0.1)
    warden (1.2.3)
      rack (>= 1.0)

PLATFORMS
  ruby

DEPENDENCIES
  auth-backend (~> 0.0.44)
  bcrypt-ruby (~> 3.0.0)
  datastore-backend (~> 0.0.20)
  datastore-client (~> 0.0.12)
  devcenter-backend (~> 0.0.49)
  graph-backend (~> 0.0.26)
  kaminari (~> 0.14.1)
  nokogiri
  playercenter-backend!
  rack-client (= 0.4.0)
  rake
  sinatra_warden!
  songkick-oauth2-provider!
  sqlite3
  thin
  uuid
